PATH
  remote: .
  specs:
    okta-auth-proxy (0.0.5)
      activesupport
      em-synchrony (~> 1.0.4)
      omniauth (~> 1.3.1)
      omniauth-saml (~> 1.5.0)
      sinatra (~> 1.4.7)
      thin (~> 1.6.4)
      thor (>= 0.19.1)

GEM
  remote: https://rubygems.org/
  specs:
    activesupport (6.0.3.4)
      concurrent-ruby (~> 1.0, >= 1.0.2)
      i18n (>= 0.7, < 2)
      minitest (~> 5.1)
      tzinfo (~> 1.1)
      zeitwerk (~> 2.2, >= 2.2.2)
    byebug (8.2.5)
    coderay (1.1.2)
    concurrent-ruby (1.1.7)
    daemons (1.3.1)
    diff-lcs (1.3)
    docile (1.1.5)
    em-synchrony (1.0.6)
      eventmachine (>= 1.0.0.beta.1)
    eventmachine (1.2.7)
    hashie (3.6.0)
    i18n (1.8.5)
      concurrent-ruby (~> 1.0)
    json (1.8.6)
    method_source (0.8.2)
    mini_portile2 (2.4.0)
    minitest (5.14.2)
    nokogiri (1.10.1)
      mini_portile2 (~> 2.4.0)
    omniauth (1.3.2)
      hashie (>= 1.2, < 4)
      rack (>= 1.0, < 3)
    omniauth-saml (1.5.0)
      omniauth (~> 1.3)
      ruby-saml (~> 1.1, >= 1.1.1)
    pry (0.10.4)
      coderay (~> 1.1.0)
      method_source (~> 0.8.1)
      slop (~> 3.4)
    pry-byebug (3.3.0)
      byebug (~> 8.0)
      pry (~> 0.10)
    rack (1.6.11)
    rack-protection (1.5.5)
      rack
    rake (10.4.2)
    rspec (3.2.0)
      rspec-core (~> 3.2.0)
      rspec-expectations (~> 3.2.0)
      rspec-mocks (~> 3.2.0)
    rspec-core (3.2.3)
      rspec-support (~> 3.2.0)
    rspec-expectations (3.2.1)
      diff-lcs (>= 1.2.0, < 2.0)
      rspec-support (~> 3.2.0)
    rspec-mocks (3.2.1)
      diff-lcs (>= 1.2.0, < 2.0)
      rspec-support (~> 3.2.0)
    rspec-support (3.2.2)
    ruby-saml (1.9.0)
      nokogiri (>= 1.5.10)
    simplecov (0.10.0)
      docile (~> 1.1.0)
      json (~> 1.8)
      simplecov-html (~> 0.10.0)
    simplecov-html (0.10.2)
    sinatra (1.4.8)
      rack (~> 1.5)
      rack-protection (~> 1.4)
      tilt (>= 1.3, < 3)
    slop (3.6.0)
    thin (1.6.4)
      daemons (~> 1.0, >= 1.0.9)
      eventmachine (~> 1.0, >= 1.0.4)
      rack (~> 1.0)
    thor (0.20.3)
    thread_safe (0.3.6)
    tilt (2.0.9)
    tzinfo (1.2.7)
      thread_safe (~> 0.1)
    zeitwerk (2.4.1)

PLATFORMS
  ruby

DEPENDENCIES
  okta-auth-proxy!
  pry (~> 0.10.3)
  pry-byebug (~> 3.3.0)
  rake (~> 10.4.2)
  rspec (~> 3.2.0)
  simplecov (~> 0.10.0)

BUNDLED WITH
   2.1.4
